GEM
  remote: https://rubygems.org/
  specs:
    dbf (2.0.9)
      fastercsv (~> 1.5)
    fastercsv (1.5.5)

PLATFORMS
  ruby

DEPENDENCIES
  dbf
